GEM
  remote: https://rubygems.org/
  specs:
    backports (3.6.0)
    daemons (1.1.9)
    dotenv (0.10.0)
    eventmachine (1.0.3)
    haml (4.0.5)
      tilt
    multi_json (1.9.0)
    pg (0.17.1)
    rack (1.5.2)
    rack-protection (1.5.2)
      rack
    rack-test (0.6.2)
      rack (>= 1.0)
    sequel (4.7.0)
    sinatra (1.4.4)
      rack (~> 1.4)
      rack-protection (~> 1.4)
      tilt (~> 1.3, >= 1.3.4)
    sinatra-contrib (1.4.2)
      backports (>= 2.0)
      multi_json
      rack-protection
      rack-test
      sinatra (~> 1.4.0)
      tilt (~> 1.3)
    sinatra-simple-auth (0.5.1)
      sinatra (>= 1.1.0)
    sqlite3 (1.3.8)
    thin (1.6.1)
      daemons (>= 1.0.9)
      eventmachine (>= 1.0.0)
      rack (>= 1.0.0)
    tilt (1.4.1)

PLATFORMS
  ruby

DEPENDENCIES
  dotenv
  haml
  pg
  rack
  sequel
  sinatra
  sinatra-contrib
  sinatra-simple-auth
  sqlite3
  thin
